FRAMEWORK: >= NET461
NUGET
  remote: https://www.nuget.org/api/v2
    Accord (3.0.2)
    Accord.MachineLearning (3.0.2)
      Accord (>= 3.0.2)
      Accord.Math (>= 3.0.2)
      Accord.Statistics (>= 3.0.2)
    Accord.Math (3.0.2)
      Accord (>= 3.0.2)
    Accord.Neuro (3.0.2)
      Accord (>= 3.0.2)
      Accord.Math (>= 3.0.2)
    Accord.Statistics (3.0.2)
      Accord (>= 3.0.2)
      Accord.Math (>= 3.0.2)
    FSharp.Collections.ParallelSeq (1.0.2)
    FSharp.Data (2.3)
